GEM
  remote: https://rubygems.org/
  specs:
    amazing_print (1.2.2)
    mini_portile2 (2.4.0)
    nokogiri (1.10.10)
      mini_portile2 (~> 2.4.0)
    rubystats (0.3.0)

PLATFORMS
  ruby

DEPENDENCIES
  amazing_print
  nokogiri
  rubystats

BUNDLED WITH
   2.1.4
